{
  "PowerLineFrequency": 60,
  "SoftwareFilters": {
    "FilterDescription": {
      "Description": "None"
    }
  },
  "Manufacturer": "EGI Magstim",
  "EEGReference": "Cz or E129",
  "CapManufacturersModelName": "HydroCel Geodesic Sensor Net",
  "CapManufacturer": "EGI Magstim",
  "InstitutionAddress": "Durham, North Carolina, USA",
  "InstitutionalDepartmentName": "Department of Psychology & Neuroscience",
  "InstitutionName": "Duke University",
  "TaskName": "resting",
  "EEGChannelCount": 129,
  "RecordingType": "continuous",
  "RecordingDuration": 1217.668,
  "SamplingFrequency": 1000,
  "EOGChannelCount": 0,
  "ECGChannelCount": 0,
  "EMGChannelCount": 0
}